FRAMEWORK: NET46
NUGET
  remote: https://www.nuget.org/api/v2
    FAKE (4.58.5)
    FSharp.Compiler.Service (11.0.9)
      System.Collections.Immutable (>= 1.2)
      System.Reflection.Metadata (>= 1.4.1-beta-24227-04)
    FSharp.Core (4.1.2) - redirects: force
      System.ValueTuple (>= 4.3)
    Microsoft.AspNet.WebApi.Client (5.2.3)
      Newtonsoft.Json (>= 6.0.4)
    Microsoft.AspNet.WebApi.Core (5.2.3)
      Microsoft.AspNet.WebApi.Client (>= 5.2.3)
    Newtonsoft.Json (10.0.2) - redirects: force
    System.Collections.Immutable (1.3.1)
    System.Reflection.Metadata (1.4.2)
      System.Collections.Immutable (>= 1.3.1)
    System.ValueTuple (4.3) - redirects: force
GIT
  remote: https://github.com/Ionide/FsAutoComplete.git
     (9d9316c6c14fc1b5fe3478f730e7c69ef9e8d4ad)
      build: build.cmd FunctionsRelease
      os: windows
     (9d9316c6c14fc1b5fe3478f730e7c69ef9e8d4ad)
      build: build.sh FunctionsRelease
      os: mono