FRAMEWORK: NET46
NUGET
  remote: https://www.nuget.org/api/v2
    FAKE (4.58.6)
    FSharp.Compiler.Service (9.0.1)
      System.Collections.Immutable (>= 1.2)
      System.Reflection.Metadata (>= 1.4.1-beta-24227-04)
    FSharp.Core (4.0.0.1) - redirects: force
    Microsoft.AspNet.WebApi.Client (5.2.3)
      Newtonsoft.Json (>= 6.0.4)
    Microsoft.AspNet.WebApi.Core (5.2.3)
      Microsoft.AspNet.WebApi.Client (>= 5.2.3)
    Newtonsoft.Json (10.0.2) - redirects: force
    System.Collections.Immutable (1.3.1)
    System.Reflection.Metadata (1.4.2)
      System.Collections.Immutable (>= 1.3.1)
GIT
  remote: https://github.com/Ionide/FsAutoComplete.git
     (6ed42369f2e48ddf7a96c1742897b92e15b42290)
      build: build.cmd FunctionsRelease
      os: windows
     (6ed42369f2e48ddf7a96c1742897b92e15b42290)
      build: build.sh FunctionsRelease
      os: mono